PATH
  remote: .
  specs:
    mailboxlayer (1.0.0)
      apilayer (~> 2.0, >= 2.0.0)

GEM
  remote: https://rubygems.org/
  specs:
    addressable (2.4.0)
    apilayer (2.0.0)
      faraday (~> 0.9, >= 0.9.0)
      json (~> 1.7, >= 1.7.0)
    coderay (1.1.1)
    crack (0.4.3)
      safe_yaml (~> 1.0.0)
    diff-lcs (1.2.5)
    docile (1.1.5)
    faraday (0.9.2)
      multipart-post (>= 1.2, < 3)
    hashdiff (0.3.0)
    json (1.8.3)
    method_source (0.8.2)
    multipart-post (2.0.0)
    pry (0.10.4)
      coderay (~> 1.1.0)
      method_source (~> 0.8.1)
      slop (~> 3.4)
    rake (10.5.0)
    rspec (3.5.0)
      rspec-core (~> 3.5.0)
      rspec-expectations (~> 3.5.0)
      rspec-mocks (~> 3.5.0)
    rspec-core (3.5.4)
      rspec-support (~> 3.5.0)
    rspec-expectations (3.5.0)
      diff-lcs (>= 1.2.0, < 2.0)
      rspec-support (~> 3.5.0)
    rspec-mocks (3.5.0)
      diff-lcs (>= 1.2.0, < 2.0)
      rspec-support (~> 3.5.0)
    rspec-support (3.5.0)
    safe_yaml (1.0.4)
    simplecov (0.12.0)
      docile (~> 1.1.0)
      json (>= 1.8, < 3)
      simplecov-html (~> 0.10.0)
    simplecov-html (0.10.0)
    slop (3.6.0)
    vcr (3.0.3)
    webmock (2.1.0)
      addressable (>= 2.3.6)
      crack (>= 0.3.2)
      hashdiff

PLATFORMS
  ruby

DEPENDENCIES
  bundler (~> 1.7, >= 1.7.9)
  mailboxlayer!
  pry (~> 0.10, >= 0.10.1)
  rake (~> 10.1, >= 0.10.1)
  rspec (~> 3.0, >= 3.0.0)
  simplecov (~> 0.11, >= 0.11.0)
  vcr (~> 3.0, >= 3.0.1)
  webmock (~> 2.0, >= 2.0.1)
